GEM
  remote: https://rubygems.org/
  specs:
    builder (3.2.2)
    coderay (1.1.0)
    crass (1.0.1)
    expression_parser (0.9.0)
    kramdown (1.6.0)
    method_source (0.8.2)
    mini_portile (0.6.2)
    nokogiri (1.6.6.2)
      mini_portile (~> 0.6.0)
    nokogumbo (1.2.0)
      nokogiri
    pandoc-ruby (1.0.0)
    pry (0.10.1)
      coderay (~> 1.1.0)
      method_source (~> 0.8.1)
      slop (~> 3.4)
    sanitize (3.1.1)
      crass (~> 1.0.1)
      nokogiri (>= 1.4.4)
      nokogumbo (= 1.2.0)
    slop (3.6.0)
    twitter-text (1.11.0)
      unf (~> 0.1.0)
    unf (0.1.4)
      unf_ext
    unf_ext (0.0.6)
    wikicloth (0.8.2)
      builder
      expression_parser
      twitter-text

PLATFORMS
  ruby

DEPENDENCIES
  kramdown
  nokogiri
  pandoc-ruby
  pry
  sanitize
  wikicloth
