GEM
  remote: https://rubygems.org/
  specs:
    coderay (1.1.0)
    kramdown (1.6.0)
    method_source (0.8.2)
    mini_portile (0.6.2)
    nokogiri (1.6.6.2)
      mini_portile (~> 0.6.0)
    pandoc-ruby (1.0.0)
    pry (0.10.1)
      coderay (~> 1.1.0)
      method_source (~> 0.8.1)
      slop (~> 3.4)
    slop (3.6.0)

PLATFORMS
  ruby

DEPENDENCIES
  kramdown
  nokogiri
  pandoc-ruby
  pry
